GEM
  remote: https://rubygems.org/
  specs:
    coderay (1.1.1)
    method_source (0.8.2)
    mysql2 (0.4.5)
    pry (0.10.4)
      coderay (~> 1.1.0)
      method_source (~> 0.8.1)
      slop (~> 3.4)
    sequel (4.40.0)
    slop (3.6.0)

PLATFORMS
  ruby

DEPENDENCIES
  mysql2
  pry
  sequel

BUNDLED WITH
   1.13.6
